GIT
  remote: https://github.com/travis-infrastructure/chirp.git
  revision: f969914c4805a91d2e44a9ee2d6fd08d478c6ef2
  specs:
    chirp (0.1.0)

GEM
  remote: https://rubygems.org/
  specs:

PLATFORMS
  ruby

DEPENDENCIES
  chirp!

BUNDLED WITH
   1.13.6
